GEM
  remote: http://rubygems.org/
  specs:
    bitters (0.9.3)
      bourbon (>= 3.1)
      sass (>= 3.2)
      thor
    blankslate (2.1.2.4)
    bourbon (4.0.1)
      sass (~> 3.3)
      thor
    classifier (1.3.4)
      fast-stemmer (>= 1.0.0)
    colorator (0.1)
    colorize (0.7.2)
    commander (4.1.6)
      highline (~> 1.6.11)
    csscss (1.3.2)
      colorize
      parslet (~> 1.5)
    fast-stemmer (1.0.2)
    ffi (1.9.3)
    highline (1.6.21)
    jekyll (1.3.1)
      classifier (~> 1.3)
      colorator (~> 0.1)
      commander (~> 4.1.3)
      liquid (~> 2.5.2)
      listen (~> 1.3)
      maruku (~> 0.6.0)
      pygments.rb (~> 0.5.0)
      redcarpet (~> 2.3.0)
      safe_yaml (~> 0.9.7)
    liquid (2.5.5)
    listen (1.3.1)
      rb-fsevent (>= 0.9.3)
      rb-inotify (>= 0.9)
      rb-kqueue (>= 0.2)
    maruku (0.6.1)
      syntax (>= 1.0.0)
    parslet (1.6.0)
      blankslate (~> 2.0)
    posix-spawn (0.3.8)
    pygments.rb (0.5.4)
      posix-spawn (~> 0.3.6)
      yajl-ruby (~> 1.1.0)
    rb-fsevent (0.9.4)
    rb-inotify (0.9.4)
      ffi (>= 0.5.0)
    rb-kqueue (0.2.2)
      ffi (>= 0.5.0)
    redcarpet (2.3.0)
    safe_yaml (0.9.7)
    sass (3.3.7)
    syntax (1.2.0)
    thor (0.19.1)
    yajl-ruby (1.1.0)

PLATFORMS
  ruby

DEPENDENCIES
  bitters (>= 0.9.2)
  csscss (~> 1.3)
  jekyll (~> 1.0)
  redcarpet
  sass (>= 3.2)
